PATH
  remote: .
  specs:
    ado-landing-pages (0.1.0)

GEM
  remote: https://rubygems.org/
  specs:
    rake (10.5.0)

PLATFORMS
  ruby

DEPENDENCIES
  ado-landing-pages!
  bundler (~> 1.17)
  rake (~> 10.0)

BUNDLED WITH
   1.17.1
